GEM
  remote: https://rubygems.org/
  specs:
    marky_markov (0.3.5)
      msgpack
    msgpack (1.2.2)

PLATFORMS
  ruby

DEPENDENCIES
  marky_markov

BUNDLED WITH
   1.12.5
